PATH
  remote: .
  specs:
    rcqrs-rails (0.1.0)

GEM
  remote: http://rubygems.org/
  specs:

PLATFORMS
  ruby

DEPENDENCIES
  rcqrs-rails!
